GEM
  remote: https://rubygems.org/
  specs:
    puma (2.15.3)
    redcarpet (3.3.3)

PLATFORMS
  ruby

DEPENDENCIES
  puma
  redcarpet

BUNDLED WITH
   1.10.6
